GEM
  specs:
    ast (2.3.0)
    parser (2.3.3.1)
      ast (~> 2.2)
    rdl (2.0.1)
      parser (~> 2.3, >= 2.3.1.4)

PLATFORMS
  ruby

DEPENDENCIES
  rdl

BUNDLED WITH
   1.14.3
