GIT
  remote: https://github.com/plum-umd/rdl.git
  revision: 47822f89ea6853ab8001ba96516a948a7375f078
  branch: dev
  specs:
    rdl (2.0.1)
      parser (~> 2.3, >= 2.3.1.4)

GEM
  specs:
    ast (2.3.0)
    parser (2.3.3.1)
      ast (~> 2.2)

PLATFORMS
  ruby

DEPENDENCIES
  rdl!

BUNDLED WITH
   1.14.6
